PATH
  remote: .
  specs:
    bronto-gem (0.0.2)
      wordnet
      wordnet-defaultdb

GEM
  remote: https://rubygems.org/
  specs:
    coderay (1.1.0)
    diff-lcs (1.2.5)
    docile (1.1.3)
    interception (0.5)
    loggability (0.11.0)
    method_source (0.8.2)
    multi_json (1.10.1)
    pry (0.9.12.6)
      coderay (~> 1.0)
      method_source (~> 0.8)
      slop (~> 3.4)
    pry-rescue (1.4.0)
      interception (>= 0.4)
      pry
    rake (10.3.2)
    rspec (2.14.1)
      rspec-core (~> 2.14.0)
      rspec-expectations (~> 2.14.0)
      rspec-mocks (~> 2.14.0)
    rspec-core (2.14.8)
    rspec-expectations (2.14.5)
      diff-lcs (>= 1.1.3, < 2.0)
    rspec-mocks (2.14.6)
    sequel (3.48.0)
    simplecov (0.8.2)
      docile (~> 1.1.0)
      multi_json
      simplecov-html (~> 0.8.0)
    simplecov-html (0.8.0)
    slop (3.5.0)
    sqlite3 (1.3.9)
    wordnet (1.0.0)
      loggability (~> 0.5)
      sequel (~> 3.48.0)
    wordnet-defaultdb (1.0.1)
      sqlite3 (~> 1.3.9)
      wordnet (~> 1.0.0.pre)

PLATFORMS
  ruby

DEPENDENCIES
  bronto-gem!
  bundler (~> 1.6)
  pry-rescue
  rake
  rspec
  simplecov
